PATH
  remote: .
  specs:
    pgn (0.2.0)
      whittle

GEM
  remote: https://rubygems.org/
  specs:
    diff-lcs (1.6.2)
    rake (13.3.0)
    rspec (3.13.1)
      rspec-core (~> 3.13.0)
      rspec-expectations (~> 3.13.0)
      rspec-mocks (~> 3.13.0)
    rspec-core (3.13.5)
      rspec-support (~> 3.13.0)
    rspec-expectations (3.13.5)
      diff-lcs (>= 1.2.0, < 2.0)
      rspec-support (~> 3.13.0)
    rspec-mocks (3.13.5)
      diff-lcs (>= 1.2.0, < 2.0)
      rspec-support (~> 3.13.0)
    rspec-support (3.13.4)
    whittle (0.0.8)

PLATFORMS
  arm64-darwin-24
  ruby

DEPENDENCIES
  bundler (< 3)
  pgn!
  rake
  rspec

BUNDLED WITH
   2.7.0
